GEM
  remote: https://rubygems.org/
  specs:
    jekyll-sitemap (0.10.0)
    redcarpet (3.3.4)

PLATFORMS
  ruby

DEPENDENCIES
  jekyll-sitemap
  redcarpet

BUNDLED WITH
   1.11.2
